GEM
  remote: https://rubygems.org/
  specs:
    addressable (2.7.0)
      public_suffix (>= 2.0.2, < 5.0)
    cld2 (1.0.3)
      ffi (~> 1.9.3)
    colored (1.2)
    declarative (0.0.10)
    declarative-option (0.1.0)
    faraday (0.17.0)
      multipart-post (>= 1.2, < 3)
    ffi (1.9.25)
    google-api-client (0.34.1)
      addressable (~> 2.5, >= 2.5.1)
      googleauth (~> 0.9)
      httpclient (>= 2.8.1, < 3.0)
      mini_mime (~> 1.0)
      representable (~> 3.0)
      retriable (>= 2.0, < 4.0)
      signet (~> 0.12)
    googleauth (0.10.0)
      faraday (~> 0.12)
      jwt (>= 1.4, < 3.0)
      memoist (~> 0.16)
      multi_json (~> 1.11)
      os (>= 0.9, < 2.0)
      signet (~> 0.12)
    hashdiff (1.0.0)
    htmlentities (4.3.4)
    httpclient (2.8.3)
    jwt (2.2.1)
    mail (2.7.1)
      mini_mime (>= 0.1.1)
    memoist (0.16.1)
    mini_mime (1.0.2)
    mini_portile2 (2.4.0)
    multi_json (1.14.1)
    multipart-post (2.1.1)
    netrc (0.11.0)
    nokogiri (1.10.8)
      mini_portile2 (~> 2.4.0)
    octokit (4.14.0)
      sawyer (~> 0.8.0, >= 0.5.3)
    os (1.0.1)
    public_suffix (4.0.1)
    rake (13.0.0)
    representable (3.0.4)
      declarative (< 0.1.0)
      declarative-option (< 0.2.0)
      uber (< 0.2.0)
    retriable (3.1.2)
    safe_yaml (1.0.5)
    sawyer (0.8.2)
      addressable (>= 2.3.5)
      faraday (> 0.8, < 2.0)
    signet (0.12.0)
      addressable (~> 2.3)
      faraday (~> 0.9)
      jwt (>= 1.5, < 3.0)
      multi_json (~> 1.10)
    uber (0.1.0)

PLATFORMS
  ruby

DEPENDENCIES
  cld2
  colored
  faraday
  google-api-client
  hashdiff
  htmlentities
  mail
  netrc
  nokogiri
  octokit
  rake
  safe_yaml

BUNDLED WITH
   1.16.2
